GEM
  remote: https://rubygems.org/
  specs:
    chronic (0.10.2)
    coderay (1.1.2)
    colorize (0.8.1)
    method_source (0.9.0)
    pry (0.11.3)
      coderay (~> 1.1.0)
      method_source (~> 0.9.0)

PLATFORMS
  ruby

DEPENDENCIES
  chronic (~> 0.10.2)
  colorize (~> 0.8.1)
  pry (~> 0.11.3)

BUNDLED WITH
   1.16.6
